PATH
  remote: .
  specs:
    calculator (0.1.0)

GEM
  remote: https://rubygems.org/
  specs:
    rake (13.2.1)

PLATFORMS
  x86_64-linux

DEPENDENCIES
  calculator!
  rake (~> 13.0)

BUNDLED WITH
   2.4.22
